GEM
  remote: https://rubygems.org/
  specs:
    diff-lcs (1.2.5)
    httpclient (2.5.3.3)
    json (1.8.2)
    msgpack (0.5.12)
    rspec (3.2.0)
      rspec-core (~> 3.2.0)
      rspec-expectations (~> 3.2.0)
      rspec-mocks (~> 3.2.0)
    rspec-core (3.2.3)
      rspec-support (~> 3.2.0)
    rspec-expectations (3.2.1)
      diff-lcs (>= 1.2.0, < 2.0)
      rspec-support (~> 3.2.0)
    rspec-mocks (3.2.1)
      diff-lcs (>= 1.2.0, < 2.0)
      rspec-support (~> 3.2.0)
    rspec-support (3.2.2)
    td-client (0.8.70)
      httpclient (>= 2.4.0, < 2.6.0)
      json (>= 1.7.6)
      msgpack (>= 0.4.4, < 0.6.0, != 0.5.3, != 0.5.2, != 0.5.1, != 0.5.0)
    terminal-table (1.4.5)
    thor (0.19.1)

PLATFORMS
  ruby

DEPENDENCIES
  rspec
  td-client
  terminal-table
  thor

BUNDLED WITH
   1.10.2
